PATH
  remote: .
  specs:
    tracer (0.2.2)

GEM
  remote: https://rubygems.org/
  specs:
    io-console (0.6.0)
    irb (1.6.2)
      reline (>= 0.3.0)
    power_assert (2.0.2)
    rake (13.0.6)
    reline (0.3.2)
      io-console (~> 0.5)
    test-unit (3.5.5)
      power_assert

PLATFORMS
  arm64-darwin-21
  arm64-darwin-22
  x86_64-linux

DEPENDENCIES
  irb
  rake (~> 13.0)
  test-unit (~> 3.0)
  tracer!

BUNDLED WITH
   2.4.2
