PATH
  remote: .
  specs:
    ruby-tracer (0.1.0)

GEM
  remote: https://rubygems.org/
  specs:
    power_assert (2.0.2)
    rake (13.0.6)
    test-unit (3.5.5)
      power_assert

PLATFORMS
  arm64-darwin-21

DEPENDENCIES
  rake (~> 13.0)
  ruby-tracer!
  test-unit (~> 3.0)

BUNDLED WITH
   2.4.2
